PATH
  remote: .
  specs:
    i18n (0.7.0)

GEM
  remote: https://rubygems.org/
  specs:
    metaclass (0.0.4)
    minitest (5.5.0)
    mocha (1.1.0)
      metaclass (~> 0.0.1)
    rake (10.4.2)
    test_declarative (0.0.5)

PLATFORMS
  java
  ruby

DEPENDENCIES
  i18n!
  minitest
  mocha
  rake
  test_declarative
